GEM
  remote: https://rubygems.org/
  specs:
    RedCloth (4.3.2)
    coderay (1.1.3)
    colorize (1.0.5)
    commonjs (0.2.7)
    kramdown (1.17.0)
    less (2.6.0)
      commonjs (~> 0.2.7)
    liquid (4.0.4)
    makerakeworkwell (1.0.4)
      rake (>= 0.9.2, < 15)
    rake (13.0.6)
    zenweb (3.10.6)
      coderay (~> 1.0)
      kramdown (~> 1.4)
      less (~> 2.0)
      makerakeworkwell (~> 1.0)
      rake (>= 0.9, < 15)

PLATFORMS
  ruby

DEPENDENCIES
  RedCloth
  colorize
  liquid (~> 4.0.0)
  zenweb

BUNDLED WITH
   2.1.4
